PATH
  remote: .
  specs:
    botrb (0.1.1)

GEM
  remote: https://rubygems.org/
  specs:
    ast (2.4.2)
    jaro_winkler (1.5.4)
    minitest (5.14.4)
    parallel (1.20.1)
    parser (3.0.1.1)
      ast (~> 2.4.1)
    powerpack (0.1.3)
    rainbow (3.0.0)
    rake (12.3.3)
    rubocop (0.63.1)
      jaro_winkler (~> 1.5.1)
      parallel (~> 1.10)
      parser (>= 2.5, != 2.5.1.1)
      powerpack (~> 0.1)
      rainbow (>= 2.2.2, < 4.0)
      ruby-progressbar (~> 1.7)
      unicode-display_width (~> 1.4.0)
    ruby-progressbar (1.11.0)
    unicode-display_width (1.4.1)

PLATFORMS
  x86_64-linux

DEPENDENCIES
  botrb!
  bundler (~> 2.2)
  minitest (~> 5.0)
  rake (~> 12.3)
  rubocop (~> 0.63.0)

BUNDLED WITH
   2.2.20
